PATH
  remote: .
  specs:
    cove_search (0.0.1)
      redis
      redis-namespace
      sinatra
      yajl-ruby

GEM
  remote: http://rubygems.org/
  specs:
    diff-lcs (1.1.2)
    mocha (0.9.12)
    rack (1.2.2)
    rack-test (0.5.7)
      rack (>= 1.0)
    redis (2.2.0)
    redis-namespace (0.10.0)
      redis (< 3.0.0)
    rspec (2.5.0)
      rspec-core (~> 2.5.0)
      rspec-expectations (~> 2.5.0)
      rspec-mocks (~> 2.5.0)
    rspec-core (2.5.1)
    rspec-expectations (2.5.0)
      diff-lcs (~> 1.1.2)
    rspec-mocks (2.5.0)
    shotgun (0.9)
      rack (>= 1.0)
    sinatra (1.2.2)
      rack (~> 1.1)
      tilt (>= 1.2.2, < 2.0)
    tilt (1.2.2)
    yajl-ruby (0.8.1)

PLATFORMS
  ruby

DEPENDENCIES
  cove_search!
  mocha
  rack-test
  rspec
  shotgun
